GEM
  remote: https://rubygems.org/
  specs:
    mustache (1.1.1)

PLATFORMS
  arm64-darwin-21
  ruby

DEPENDENCIES
  mustache

BUNDLED WITH
   2.5.7
